##TITLE= Parameter file, TOPSPIN		Version 3.2
##JCAMPDX= 5.0
##DATATYPE= Parameter Values
##NPOINTS= 12	$$ modification sequence number
##ORIGIN= Bruker BioSpin GmbH
##OWNER= nmrsu
$$ 2013-12-18 20:37:49.150 +0000  nmrsu@CZC2524DVT
$$ C:/Bruker/TopSpin3.2.3/data/nmrsu/nmr/Project_plasma_Rack2_SLT_181213/10/pdata/1/proc
$$ process C:\Bruker\TopSpin3.2.3\prog\mod\sref.exe
##$ABSF1= 10
##$ABSF2= 0
##$ABSG= 3
##$ABSL= 5
##$ALPHA= 0
##$AQORDER= 0
##$ASSFAC= 0
##$ASSFACI= 0
##$ASSFACX= 0
##$ASSWID= 0
##$AUNMP= <proc_plasma_noesy>
##$AXLEFT= 0
##$AXNAME= <>
##$AXNUC= <off>
##$AXRIGHT= 0
##$AXTYPE= 0
##$AXUNIT= <>
##$AZFE= 0.1
##$AZFW= 0.1
##$BCFW= 1
##$BC_mod= 2
##$BYTORDP= 0
##$COROFFS= 0
##$CY= 100
##$DATMOD= 1
##$DC= 2
##$DFILT= <>
##$DTYPP= 0
##$ERETIC= no
##$F1P= 12
##$F2P= -0.5
##$FCOR= 0.5
##$FTSIZE= 131072
##$FT_mod= 0
##$GAMMA= 1
##$GB= 0
##$INTBC= 1
##$INTSCL= 1
##$ISEN= 128
##$LB= 0.3
##$LEV0= 0
##$LPBIN= 0
##$MAXI= 10000
##$MC2= 0
##$MEAN= 0
##$ME_mod= 0
##$MI= 0
##$MddCEXP= no
##$MddCT_SP= no
##$MddF180= no
##$MddLAMBDA= 0
##$MddMEMORY= 0
##$MddMERGE= 23
##$MddNCOMP= 0
##$MddNITER= 0
##$MddNOISE= 0.8
##$MddPHASE= 0
##$MddSEED= 0
##$MddSRSIZE= 0
##$Mdd_CsALG= 0
##$Mdd_CsLAMBDA= 1
##$Mdd_CsNITER= 0
##$Mdd_CsNORM= 0
##$Mdd_CsZF= 2
##$Mdd_mod= 0
##$NCOEF= 0
##$NC_proc= 0
##$NLEV= 6
##$NOISF1= 7.934625
##$NOISF2= 7.601621
##$NSP= 1
##$NTH_PI= 0
##$NZP= 0
##$OFFSET= 19.70415
##$PC= 1
##$PHC0= 260.788
##$PHC1= 0
##$PH_mod= 1
##$PKNL= yes
##$PPARMOD= 0
##$PPDIAG= 0
##$PPIPTYP= 0
##$PPMPNUM= 100
##$PPRESOL= 1
##$PSCAL= 0
##$PSIGN= 0
##$PYNMP= <proc.py>
##$REVERSE= no
##$SF= 600.5900040075
##$SI= 131072
##$SIGF1= 9
##$SIGF2= 5
##$SINO= 0
##$SIOLD= 131072
##$SPECTYP= <>
##$SREGLST= <1H.Plasma>
##$SSB= 2
##$STSI= 0
##$STSR= 0
##$SW_p= 12345.6790123457
##$SYMM= 0
##$S_DEV= 0
##$TDeff= 0
##$TDoff= 0
##$TI= <

>
##$TILT= no
##$TM1= 0
##$TM2= 0
##$TOPLEV= 0
##$USERP1= <>
##$USERP2= <>
##$USERP3= <>
##$USERP4= <>
##$USERP5= <>
##$WDW= 1
##$XDIM= 0
##$YMAX_p= 0
##$YMIN_p= 0
##END=
